PATH
  remote: .
  specs:
    alpaca (1.0.2)
      rack

GEM
  remote: https://rubygems.org/
  specs:
    activesupport (3.1.0)
      multi_json (~> 1.0)
    colorize (0.5.8)
    coveralls (0.6.7)
      colorize
      multi_json (~> 1.3)
      rest-client
      simplecov (>= 0.7)
      thor
    mime-types (1.23)
    minitest (4.7.4)
    multi_json (1.7.3)
    rack (1.5.2)
    rack-test (0.6.2)
      rack (>= 1.0)
    rake (10.0.4)
    rest-client (1.6.7)
      mime-types (>= 1.16)
    simplecov (0.7.1)
      multi_json (~> 1.0)
      simplecov-html (~> 0.7.1)
    simplecov-html (0.7.1)
    thor (0.18.1)

PLATFORMS
  ruby

DEPENDENCIES
  activesupport (>= 3.0.0)
  alpaca!
  coveralls
  minitest
  rack-test
  rake
  simplecov
